GEM
  remote: https://rubygems.org/
  specs:
    concurrent-ruby (1.0.5)
    concurrent-ruby-edge (0.3.1)
      concurrent-ruby (= 1.0.5)
    docker-api (1.33.4)
      excon (>= 0.38.0)
      json
    equatable (0.5.0)
    excon (0.49.0)
    interactor (3.1.0)
    json (2.1.0)
    metaractor (0.5.0)
      interactor (~> 3.1)
    pastel (0.7.1)
      equatable (~> 0.5.0)
      tty-color (~> 0.4.0)
    thor (0.19.4)
    tty-color (0.4.2)
    tty-command (0.4.0)
      pastel (~> 0.7.0)

PLATFORMS
  ruby

DEPENDENCIES
  concurrent-ruby (~> 1.0)
  concurrent-ruby-edge (~> 0.2)
  docker-api (~> 1.28)
  excon (~> 0.49.0)
  metaractor (~> 0.5)
  thor (~> 0.19)
  tty-command

BUNDLED WITH
   1.15.0
